GIT
  remote: https://github.com/everypolitician/compare_with_wikidata
  revision: cc6114afb8028eb433046c7a7b66a9455720fb01
  branch: subpages
  specs:
    compare_with_wikidata (0.1.0)
      daff (>= 1.3)
      everypolitician (>= 0.20)
      mediawiki-page-replaceable_content
      rest-client (~> 2.0)

GEM
  remote: https://rubygems.org/
  specs:
    daff (1.3.19)
    domain_name (0.5.20170404)
      unf (>= 0.0.5, < 1.0.0)
    everypolitician (0.20.0)
      everypolitician-popolo (>= 0.8.0)
      require_all
    everypolitician-popolo (0.8.0)
      require_all
    faraday (0.12.2)
      multipart-post (>= 1.2, < 3)
    faraday-cookie_jar (0.0.6)
      faraday (>= 0.7.4)
      http-cookie (~> 1.0.0)
    faraday_middleware (0.12.2)
      faraday (>= 0.7.4, < 1.0)
    http-cookie (1.0.3)
      domain_name (~> 0.5)
    mediawiki-page-replaceable_content (0.1.1)
      mediawiki_api (~> 0.7)
    mediawiki_api (0.7.1)
      faraday (~> 0.9, >= 0.9.0)
      faraday-cookie_jar (~> 0.0, >= 0.0.6)
      faraday_middleware (~> 0.10, >= 0.10.0)
    mime-types (3.1)
      mime-types-data (~> 3.2015)
    mime-types-data (3.2016.0521)
    multipart-post (2.0.0)
    mustermann (1.0.0)
    netrc (0.11.0)
    puma (3.9.1)
    rack (2.0.3)
    rack-protection (2.0.0)
      rack
    require_all (1.4.0)
    rest-client (2.0.2)
      http-cookie (>= 1.0.2, < 2.0)
      mime-types (>= 1.16, < 4.0)
      netrc (~> 0.8)
    sinatra (2.0.0)
      mustermann (~> 1.0)
      rack (~> 2.0)
      rack-protection (= 2.0.0)
      tilt (~> 2.0)
    tilt (2.0.8)
    unf (0.1.4)
      unf_ext
    unf_ext (0.0.7.4)

PLATFORMS
  ruby

DEPENDENCIES
  compare_with_wikidata!
  puma
  sinatra

BUNDLED WITH
   1.15.3
